PATH
  remote: .
  specs:
    evideo (0.1.3)
      thor (~> 0.1)

GEM
  remote: https://rubygems.org/
  specs:
    rake (10.5.0)
    thor (0.20.3)

PLATFORMS
  ruby

DEPENDENCIES
  bundler (~> 1.17)
  evideo!
  rake (~> 10.0)

BUNDLED WITH
   1.17.2
