PATH
  remote: .
  specs:
    evideo (0.2.1)
      thor

GEM
  remote: https://rubygems.org/
  specs:
    rake (13.0.1)
    thor (1.0.1)

PLATFORMS
  ruby

DEPENDENCIES
  bundler
  evideo!
  rake

BUNDLED WITH
   2.1.2
