PATH
  remote: .
  specs:
    evideo (0.2.0)
      thor (~> 0.1)

GEM
  remote: https://rubygems.org/
  specs:
    rake (13.0.1)
    thor (0.20.3)

PLATFORMS
  ruby

DEPENDENCIES
  bundler
  evideo!
  rake

BUNDLED WITH
   1.17.2
